GEM
  remote: https://rubygems.org/
  specs:
    concurrent-ruby (1.0.5)
    connection_pool (2.2.1)
    rack (2.0.2)
    rack-protection (2.0.0)
      rack
    redis (3.3.3)
    sidekiq (5.0.0)
      concurrent-ruby (~> 1.0)
      connection_pool (~> 2.2, >= 2.2.0)
      rack-protection (>= 1.5.0)
      redis (~> 3.3, >= 3.3.3)

PLATFORMS
  ruby

DEPENDENCIES
  sidekiq

BUNDLED WITH
   1.14.6
